GIT
  remote: https://github.com/rails/sprockets.git
  revision: c4b191e70d89e9d70f19ade5faf0692054a3bd1b
  specs:
    sprockets (4.0.0)
      concurrent-ruby (~> 1.0)
      rack (> 1, < 3)

GEM
  remote: https://rubygems.org/
  specs:
    bcrypt (3.1.13)
    byebug (11.0.1)
    concurrent-ruby (1.1.5)
    ffi (1.11.3)
    listen (3.2.1)
      rb-fsevent (~> 0.10, >= 0.10.3)
      rb-inotify (~> 0.9, >= 0.9.10)
    mustermann (1.0.3)
    pg (1.1.4)
    rack (2.0.8)
    rack-protection (2.0.7)
      rack
    rb-fsevent (0.10.3)
    rb-inotify (0.10.0)
      ffi (~> 1.0)
    rerun (0.13.0)
      listen (~> 3.0)
    sassc (2.2.1)
      ffi (~> 1.9)
    sequel (5.27.0)
    sinatra (2.0.7)
      mustermann (~> 1.0)
      rack (~> 2.0)
      rack-protection (= 2.0.7)
      tilt (~> 2.0)
    slim (4.0.1)
      temple (>= 0.7.6, < 0.9)
      tilt (>= 2.0.6, < 2.1)
    sqlite3 (1.4.2)
    temple (0.8.2)
    tilt (2.0.10)

PLATFORMS
  ruby

DEPENDENCIES
  bcrypt
  byebug
  pg
  rack
  rerun
  sassc
  sequel
  sinatra
  slim
  sprockets!
  sqlite3

BUNDLED WITH
   2.0.2
