GIT
  remote: https://github.com/rails/sprockets.git
  revision: 2d6b1a8bde0cf870c14a2d193fa9a9be09ef99fc
  specs:
    sprockets (4.0.0)
      concurrent-ruby (~> 1.0)
      rack (> 1, < 3)

GEM
  remote: https://rubygems.org/
  specs:
    bcrypt (3.1.13)
    byebug (11.1.3)
    concurrent-ruby (1.1.6)
    ffi (1.12.2)
    io-console (0.5.6)
    irb (1.2.4)
      reline (>= 0.0.1)
    listen (3.2.1)
      rb-fsevent (~> 0.10, >= 0.10.3)
      rb-inotify (~> 0.9, >= 0.9.10)
    mustermann (1.1.1)
      ruby2_keywords (~> 0.0.1)
    pg (1.2.3)
    rack (2.2.3)
    rack-protection (2.0.8.1)
      rack
    rb-fsevent (0.10.4)
    rb-inotify (0.10.1)
      ffi (~> 1.0)
    reline (0.1.4)
      io-console (~> 0.5)
    rerun (0.13.0)
      listen (~> 3.0)
    ruby2_keywords (0.0.2)
    sassc (2.3.0)
      ffi (~> 1.9)
    sequel (5.32.0)
    sinatra (2.0.8.1)
      mustermann (~> 1.0)
      rack (~> 2.0)
      rack-protection (= 2.0.8.1)
      tilt (~> 2.0)
    slim (4.1.0)
      temple (>= 0.7.6, < 0.9)
      tilt (>= 2.0.6, < 2.1)
    sqlite3 (1.4.2)
    temple (0.8.2)
    tilt (2.0.10)

PLATFORMS
  ruby

DEPENDENCIES
  bcrypt
  byebug
  irb
  pg
  rack
  rerun
  sassc
  sequel
  sinatra
  slim
  sprockets!
  sqlite3

RUBY VERSION
   ruby 2.7.1p83

BUNDLED WITH
   2.1.4
